GEM
  remote: https://rubygems.org/
  specs:
    awesome_print (1.7.0)
    daemons (1.2.4)
    eventmachine (1.2.3)
    ffi (1.9.18)
    listen (3.1.5)
      rb-fsevent (~> 0.9, >= 0.9.4)
      rb-inotify (~> 0.9, >= 0.9.7)
      ruby_dep (~> 1.2)
    minitest (5.10.1)
    mysql2 (0.4.5)
    rack (1.6.5)
    rack-protection (1.5.3)
      rack
    rack-test (0.6.3)
      rack (>= 1.0)
    rb-fsevent (0.9.8)
    rb-inotify (0.9.8)
      ffi (>= 0.5.0)
    rerun (0.11.0)
      listen (~> 3.0)
    ruby_dep (1.5.0)
    sequel (4.44.0)
    sinatra (1.4.8)
      rack (~> 1.5)
      rack-protection (~> 1.4)
      tilt (>= 1.3, < 3)
    terminal-notifier (1.7.1)
    thin (1.7.0)
      daemons (~> 1.0, >= 1.0.9)
      eventmachine (~> 1.0, >= 1.0.4)
      rack (>= 1, < 3)
    tilt (2.0.7)

PLATFORMS
  ruby

DEPENDENCIES
  awesome_print (~> 1.7)
  minitest (~> 5.10, >= 5.10.1)
  mysql2 (~> 0.4.5)
  rack-test (~> 0.6.3)
  rerun (~> 0.11.0)
  sequel (~> 4.42, >= 4.42.1)
  sinatra (~> 1.4, >= 1.4.8)
  terminal-notifier (~> 1.7, >= 1.7.1)
  thin (~> 1.7)

BUNDLED WITH
   1.14.6
